GEM
  remote: http://rubygems.org/
  specs:
    GeoRuby (1.3.4)
    activesupport (3.1.0)
      multi_json (~> 1.0)
    addressable (2.2.6)
    amatch (0.2.7)
      spruz (~> 0.2)
    awesome_print (0.4.0)
    bcrypt-ruby (2.1.4)
    builder (3.0.0)
    capistrano (2.9.0)
      highline
      net-scp (>= 1.0.0)
      net-sftp (>= 2.0.0)
      net-ssh (>= 2.0.14)
      net-ssh-gateway (>= 1.1.0)
    coffee-script (2.2.0)
      coffee-script-source
      execjs
    coffee-script-source (1.1.2)
    color-tools (1.3.0)
    data_mapper (1.1.0)
      dm-aggregates (= 1.1.0)
      dm-constraints (= 1.1.0)
      dm-core (= 1.1.0)
      dm-migrations (= 1.1.0)
      dm-serializer (= 1.1.0)
      dm-timestamps (= 1.1.0)
      dm-transactions (= 1.1.0)
      dm-types (= 1.1.0)
      dm-validations (= 1.1.0)
    data_objects (0.10.6)
      addressable (~> 2.1)
    dm-aggregates (1.1.0)
      dm-core (~> 1.1.0)
    dm-constraints (1.1.0)
      dm-core (~> 1.1.0)
    dm-core (1.1.0)
      addressable (~> 2.2.4)
    dm-do-adapter (1.1.0)
      data_objects (~> 0.10.2)
      dm-core (~> 1.1.0)
    dm-migrations (1.1.0)
      dm-core (~> 1.1.0)
    dm-postgis (1.1.0)
      GeoRuby
    dm-postgres-adapter (1.1.0)
      dm-do-adapter (~> 1.1.0)
      do_postgres (~> 0.10.2)
    dm-serializer (1.1.0)
      dm-core (~> 1.1.0)
      fastercsv (~> 1.5.4)
      json (~> 1.4.6)
    dm-timestamps (1.1.0)
      dm-core (~> 1.1.0)
    dm-transactions (1.1.0)
      dm-core (~> 1.1.0)
    dm-types (1.1.0)
      bcrypt-ruby (~> 2.1.4)
      dm-core (~> 1.1.0)
      fastercsv (~> 1.5.4)
      json (~> 1.4.6)
      stringex (~> 1.2.0)
      uuidtools (~> 2.1.2)
    dm-validations (1.1.0)
      dm-core (~> 1.1.0)
    do_postgres (0.10.6)
      data_objects (= 0.10.6)
    em-websocket (0.3.5)
      addressable (>= 2.1.1)
      eventmachine (>= 0.12.9)
    eventmachine (0.12.10)
    execjs (1.2.9)
      multi_json (~> 1.0)
    fastercsv (1.5.4)
    growl (1.0.3)
    haml (3.1.3)
    highline (1.6.2)
    i18n (0.6.0)
    json (1.4.6)
    kgio (2.6.0)
    mechanize (2.0.1)
      net-http-digest_auth (~> 1.1, >= 1.1.1)
      net-http-persistent (~> 1.8)
      nokogiri (~> 1.4)
      webrobots (~> 0.0, >= 0.0.9)
    memcached (1.3.5)
    multi_json (1.0.3)
    net-http-digest_auth (1.1.1)
    net-http-persistent (1.9)
    net-scp (1.0.4)
      net-ssh (>= 1.99.1)
    net-sftp (2.0.5)
      net-ssh (>= 2.0.9)
    net-ssh (2.2.1)
    net-ssh-gateway (1.1.0)
      net-ssh (>= 1.99.1)
    nokogiri (1.5.0)
    rack (1.5.2)
    rack-cache (1.1)
      rack (>= 0.4)
    rack-protection (1.3.2)
      rack
    raindrops (0.7.0)
    sass (3.1.7)
    shotgun (0.9)
      rack (>= 1.0)
    sinatra (1.3.4)
      rack (~> 1.4)
      rack-protection (~> 1.3)
      tilt (~> 1.3, >= 1.3.3)
    spruz (0.2.13)
    stringex (1.2.2)
    thor (0.14.6)
    tilt (1.3.3)
    unicode_utils (1.0.0)
    unicorn (4.1.1)
      kgio (~> 2.4)
      rack
      raindrops (~> 0.6)
    uuidtools (2.1.2)
    webrobots (0.0.11)
      nokogiri (>= 1.4.4)
    yajl-ruby (1.0.0)

PLATFORMS
  ruby

DEPENDENCIES
  GeoRuby
  activesupport
  amatch
  awesome_print
  builder
  capistrano
  coffee-script
  color-tools
  data_mapper
  dm-postgis
  dm-postgres-adapter
  em-websocket
  growl
  haml
  i18n
  mechanize
  memcached
  nokogiri
  rack
  rack-cache
  sass
  shotgun
  sinatra
  thor
  unicode_utils
  unicorn
  yajl-ruby
